GEM
  remote: https://rubygems.org/
  specs:
    airbrussh (1.5.0)
      sshkit (>= 1.6.1, != 1.7.0)
    bcrypt_pbkdf (1.1.0)
    capistrano (3.17.3)
      airbrussh (>= 1.0.0)
      i18n
      rake (>= 10.0.0)
      sshkit (>= 1.9.0)
    capistrano-bundler (1.6.0)
      capistrano (~> 3.1)
    capistrano-cul (0.1.6)
      bcrypt_pbkdf (>= 1.0.1)
      capistrano (~> 3.1)
      capistrano-git-with-submodules (~> 2.0)
      ed25519 (>= 1.2.4)
      net-ssh (>= 5)
    capistrano-git-with-submodules (2.0.6)
      capistrano (~> 3.7)
    capistrano-passenger (0.2.1)
      capistrano (~> 3.0)
    capistrano-rvm (0.1.2)
      capistrano (~> 3.0)
      sshkit (~> 1.2)
    concurrent-ruby (1.2.2)
    diff-lcs (1.5.0)
    ed25519 (1.3.0)
    i18n (1.14.1)
      concurrent-ruby (~> 1.0)
    libcdb-ruby (0.2.1)
    mini_portile2 (2.8.5)
    mustermann (3.0.0)
      ruby2_keywords (~> 0.0.1)
    net-scp (4.0.0)
      net-ssh (>= 2.6.5, < 8.0.0)
    net-ssh (7.2.0)
    rack (2.2.4)
    rack-env (0.1.3)
    rack-protection (3.0.2)
      rack
    rack-test (2.0.2)
      rack (>= 1.3)
    rake (13.1.0)
    rspec (3.11.0)
      rspec-core (~> 3.11.0)
      rspec-expectations (~> 3.11.0)
      rspec-mocks (~> 3.11.0)
    rspec-core (3.11.0)
      rspec-support (~> 3.11.0)
    rspec-expectations (3.11.1)
      diff-lcs (>= 1.2.0, < 2.0)
      rspec-support (~> 3.11.0)
    rspec-mocks (3.11.1)
      diff-lcs (>= 1.2.0, < 2.0)
      rspec-support (~> 3.11.0)
    rspec-support (3.11.1)
    ruby2_keywords (0.0.5)
    sinatra (3.0.2)
      mustermann (~> 3.0)
      rack (~> 2.2, >= 2.2.4)
      rack-protection (= 3.0.2)
      tilt (~> 2.0)
    sqlite3 (1.6.9)
      mini_portile2 (~> 2.8.0)
    sshkit (1.21.6)
      net-scp (>= 1.1.2)
      net-ssh (>= 2.8.0)
    tilt (2.0.11)

PLATFORMS
  ruby

DEPENDENCIES
  capistrano (~> 3.17.3)
  capistrano-bundler (~> 1.1)
  capistrano-cul
  capistrano-passenger (~> 0.2)
  capistrano-rvm (~> 0.1)
  libcdb-ruby
  rack
  rack-env
  rack-test
  rake
  rspec
  sinatra
  sqlite3

BUNDLED WITH
   2.1.4
